GEM
  remote: https://rubygems.org/
  specs:
    activemodel (4.1.5)
      activesupport (= 4.1.5)
      builder (~> 3.1)
    activesupport (4.1.5)
      i18n (~> 0.6, >= 0.6.9)
      json (~> 1.7, >= 1.7.7)
      minitest (~> 5.1)
      thread_safe (~> 0.1)
      tzinfo (~> 1.1)
    ansi (1.4.3)
    bson (2.3.0-java)
    builder (3.2.2)
    connection_pool (2.0.0)
    cuba (3.1.1)
      rack
    dotenv (0.10.0)
    factory_girl (4.4.0)
      activesupport (>= 3.0.0)
    ffi (1.9.3-java)
    i18n (0.6.11)
    json (1.8.1-java)
    jubilee (2.0.0-java)
      rack (>= 1.4.1)
      spoon (~> 0.0.4)
    minitest (5.4.0)
    minitest-reporters (1.0.5)
      ansi
      builder
      minitest (>= 5.0)
      ruby-progressbar
    mongoid (4.0.0)
      activemodel (~> 4.0)
      moped (~> 2.0.0)
      origin (~> 2.1)
      tzinfo (>= 0.3.37)
    moped (2.0.0)
      bson (~> 2.2)
      connection_pool (~> 2.0)
      optionable (~> 0.2.0)
    multi_json (1.10.1)
    optionable (0.2.0)
    origin (2.1.1)
    rack (1.5.2)
    rack-protection (1.5.3)
      rack
    rack-test (0.6.2)
      rack (>= 1.0)
    rake (10.1.0)
    ruby-progressbar (1.5.1)
    simplecov (0.7.1)
      multi_json (~> 1.0)
      simplecov-html (~> 0.7.1)
    simplecov-html (0.7.1)
    spoon (0.0.4)
      ffi
    thread_safe (0.3.4-java)
    tzinfo (1.2.2)
      thread_safe (~> 0.1)

PLATFORMS
  java

DEPENDENCIES
  cuba (~> 3.1.1)
  dotenv (~> 0.10.0)
  factory_girl (~> 4.0)
  jubilee (~> 2.0.0.pre.java)
  minitest (~> 5.4.0)
  minitest-reporters (~> 1.0.5)
  mongoid (~> 4.0.0)
  rack-protection (~> 1.5.2)
  rack-test (~> 0.6.2)
  rake
  simplecov (~> 0.7.1)
