GEM
  remote: https://rubygems.org/
  specs:
    cuba (3.1.1)
      rack
    ffi (1.9.3-java)
    jubilee (2.0.0-java)
      rack (>= 1.4.1)
      spoon (~> 0.0.4)
    rack (1.5.2)
    spoon (0.0.4)
      ffi

PLATFORMS
  java

DEPENDENCIES
  cuba (~> 3.1.1)
  jubilee (~> 2.0.0.pre.java)
